GEM
  remote: https://rubygems.org/
  specs:
    activesupport (7.0.3.1)
      concurrent-ruby (~> 1.0, >= 1.0.2)
      i18n (>= 1.6, < 2)
      minitest (>= 5.1)
      tzinfo (~> 2.0)
    addressable (2.8.0)
      public_suffix (>= 2.0.2, < 5.0)
    ast (2.4.2)
    capybara (3.37.1)
      addressable
      matrix
      mini_mime (>= 0.1.3)
      nokogiri (~> 1.8)
      rack (>= 1.6.0)
      rack-test (>= 0.6.3)
      regexp_parser (>= 1.5, < 3.0)
      xpath (~> 3.2)
    capybara-mechanize (1.12.0)
      capybara (>= 3.0.0, < 4)
      mechanize (~> 2.7.0)
    childprocess (4.1.0)
    chronic (0.10.2)
    cliver (0.3.2)
    coderay (1.1.3)
    concurrent-ruby (1.1.10)
    connection_pool (2.2.5)
    csv (3.2.3)
    date (3.2.2)
    diff-lcs (1.5.0)
    domain_name (0.5.20190701)
      unf (>= 0.0.5, < 1.0.0)
    fileutils (1.4.1)
    headless (2.3.1)
    http-cookie (1.0.5)
      domain_name (~> 0.5)
    i18n (1.12.0)
      concurrent-ruby (~> 1.0)
    kimurai (1.4.0)
      activesupport
      capybara (>= 2.15, < 4.0)
      capybara-mechanize
      cliver
      headless
      murmurhash3
      nokogiri
      pmap
      poltergeist
      pry
      rbcat (~> 0.2)
      selenium-webdriver
      thor
      whenever
    matrix (0.4.2)
    mechanize (2.7.7)
      domain_name (~> 0.5, >= 0.5.1)
      http-cookie (~> 1.0)
      mime-types (>= 1.17.2)
      net-http-digest_auth (~> 1.1, >= 1.1.1)
      net-http-persistent (>= 2.5.2)
      nokogiri (~> 1.6)
      ntlm-http (~> 0.1, >= 0.1.1)
      webrick (~> 1.7)
      webrobots (>= 0.0.9, < 0.2)
    method_source (1.0.0)
    mime-types (3.4.1)
      mime-types-data (~> 3.2015)
    mime-types-data (3.2022.0105)
    mini_mime (1.1.2)
    minitest (5.16.2)
    murmurhash3 (0.1.6)
    net-http-digest_auth (1.4.1)
    net-http-persistent (4.0.1)
      connection_pool (~> 2.2)
    nokogiri (1.13.6-x86_64-linux)
      racc (~> 1.4)
    ntlm-http (0.1.1)
    open-uri (0.2.0)
      stringio
      time
      uri
    parallel (1.22.1)
    parser (3.1.2.0)
      ast (~> 2.4.1)
    pmap (1.1.1)
    poltergeist (1.18.1)
      capybara (>= 2.1, < 4)
      cliver (~> 0.3.1)
      websocket-driver (>= 0.2.0)
    pry (0.14.1)
      coderay (~> 1.1)
      method_source (~> 1.0)
    public_suffix (4.0.7)
    racc (1.6.0)
    rack (2.2.4)
    rack-test (2.0.2)
      rack (>= 1.3)
    rainbow (3.1.1)
    rbcat (0.2.1)
    regexp_parser (2.3.0)
    rexml (3.2.5)
    rspec (3.11.0)
      rspec-core (~> 3.11.0)
      rspec-expectations (~> 3.11.0)
      rspec-mocks (~> 3.11.0)
    rspec-core (3.11.0)
      rspec-support (~> 3.11.0)
    rspec-expectations (3.11.0)
      diff-lcs (>= 1.2.0, < 2.0)
      rspec-support (~> 3.11.0)
    rspec-mocks (3.11.1)
      diff-lcs (>= 1.2.0, < 2.0)
      rspec-support (~> 3.11.0)
    rspec-support (3.11.0)
    rubocop (1.28.1)
      parallel (~> 1.10)
      parser (>= 3.1.0.0)
      rainbow (>= 2.2.2, < 4.0)
      regexp_parser (>= 1.8, < 3.0)
      rexml
      rubocop-ast (>= 1.17.0, < 2.0)
      ruby-progressbar (~> 1.7)
      unicode-display_width (>= 1.4.0, < 3.0)
    rubocop-ast (1.17.0)
      parser (>= 3.1.1.0)
    ruby-progressbar (1.11.0)
    rubyzip (2.3.2)
    selenium-webdriver (4.4.0)
      childprocess (>= 0.5, < 5.0)
      rexml (~> 3.2, >= 3.2.5)
      rubyzip (>= 1.2.2, < 3.0)
      websocket (~> 1.0)
    stringio (3.0.2)
    thor (1.2.1)
    time (0.2.0)
      date
    tzinfo (2.0.5)
      concurrent-ruby (~> 1.0)
    unf (0.1.4)
      unf_ext
    unf_ext (0.0.8.2)
    unicode-display_width (2.1.0)
    uri (0.11.0)
    webdrivers (5.0.0)
      nokogiri (~> 1.6)
      rubyzip (>= 1.3.0)
      selenium-webdriver (~> 4.0)
    webrick (1.7.0)
    webrobots (0.1.2)
    websocket (1.2.9)
    websocket-driver (0.7.5)
      websocket-extensions (>= 0.1.0)
    websocket-extensions (0.1.5)
    whenever (1.0.0)
      chronic (>= 0.6.3)
    xpath (3.2.0)
      nokogiri (~> 1.8)

PLATFORMS
  x86_64-linux

DEPENDENCIES
  csv
  fileutils
  kimurai
  nokogiri
  open-uri
  pry
  rspec
  rubocop
  selenium-webdriver (~> 4.0)
  webdrivers (~> 5.0)

RUBY VERSION
   ruby 2.7.4p191

BUNDLED WITH
   2.3.6
